NUGET
  remote: https://api.nuget.org/v3/index.json
    fparsec (1.1.1)
      FSharp.Core (>= 4.3.4) - restriction: || (>= net45) (>= netstandard2.0)
      System.ValueTuple (>= 4.4) - restriction: >= net45
    FSharp.Core (9.0.201)
    FSharp.Data (6.6)
      FSharp.Core (>= 6.0.1) - restriction: >= netstandard2.0
      FSharp.Data.Csv.Core (>= 6.6) - restriction: >= netstandard2.0
      FSharp.Data.Html.Core (>= 6.6) - restriction: >= netstandard2.0
      FSharp.Data.Http (>= 6.6) - restriction: >= netstandard2.0
      FSharp.Data.Json.Core (>= 6.6) - restriction: >= netstandard2.0
      FSharp.Data.Runtime.Utilities (>= 6.6) - restriction: >= netstandard2.0
      FSharp.Data.WorldBank.Core (>= 6.6) - restriction: >= netstandard2.0
      FSharp.Data.Xml.Core (>= 6.6) - restriction: >= netstandard2.0
    FSharp.Data.Csv.Core (6.6) - restriction: >= netstandard2.0
      FSharp.Core (>= 6.0.1) - restriction: >= netstandard2.0
      FSharp.Data.Runtime.Utilities (>= 6.6) - restriction: >= netstandard2.0
    FSharp.Data.Html.Core (6.6) - restriction: >= netstandard2.0
      FSharp.Core (>= 6.0.1) - restriction: >= netstandard2.0
      FSharp.Data.Csv.Core (>= 6.6) - restriction: >= netstandard2.0
      FSharp.Data.Runtime.Utilities (>= 6.6) - restriction: >= netstandard2.0
    FSharp.Data.Http (6.6) - restriction: >= netstandard2.0
      FSharp.Core (>= 6.0.1) - restriction: >= netstandard2.0
    FSharp.Data.Json.Core (6.6) - restriction: >= netstandard2.0
      FSharp.Core (>= 6.0.1) - restriction: >= netstandard2.0
      FSharp.Data.Http (>= 6.6) - restriction: >= netstandard2.0
      FSharp.Data.Runtime.Utilities (>= 6.6) - restriction: >= netstandard2.0
    FSharp.Data.JsonSchema (2.1)
      FSharp.Core (>= 8.0.403) - restriction: >= netstandard2.0
      FSharp.SystemTextJson (>= 1.1.23) - restriction: >= netstandard2.0
      NJsonSchema (>= 10.9) - restriction: >= netstandard2.0
    FSharp.Data.Runtime.Utilities (6.6) - restriction: >= netstandard2.0
      FSharp.Core (>= 6.0.1) - restriction: >= netstandard2.0
      FSharp.Data.Http (>= 6.6) - restriction: >= netstandard2.0
    FSharp.Data.WorldBank.Core (6.6) - restriction: >= netstandard2.0
      FSharp.Core (>= 6.0.1) - restriction: >= netstandard2.0
      FSharp.Data.Http (>= 6.6) - restriction: >= netstandard2.0
      FSharp.Data.Json.Core (>= 6.6) - restriction: >= netstandard2.0
      FSharp.Data.Runtime.Utilities (>= 6.6) - restriction: >= netstandard2.0
    FSharp.Data.Xml.Core (6.6) - restriction: >= netstandard2.0
      FSharp.Core (>= 6.0.1) - restriction: >= netstandard2.0
      FSharp.Data.Http (>= 6.6) - restriction: >= netstandard2.0
      FSharp.Data.Json.Core (>= 6.6) - restriction: >= netstandard2.0
      FSharp.Data.Runtime.Utilities (>= 6.6) - restriction: >= netstandard2.0
    FSharp.SystemTextJson (1.3.13) - restriction: >= netstandard2.0
      FSharp.Core (>= 4.7) - restriction: >= netstandard2.0
      System.Text.Json (>= 6.0) - restriction: >= netstandard2.0
    FSharpx.Collections (3.1) - restriction: >= netstandard2.0
      FSharp.Core (>= 4.3.4) - restriction: >= netstandard2.0
    FSharpx.Extras (3.3)
      FSharp.Core (>= 6.0.6) - restriction: >= netstandard2.0
      FSharpx.Collections (>= 3.0.1) - restriction: >= netstandard2.0
    Microsoft.Bcl.AsyncInterfaces (9.0.3) - restriction: || (&& (>= net462) (>= netstandard2.0)) (&& (< net6.0) (>= netstandard2.0))
      System.Threading.Tasks.Extensions (>= 4.5.4) - restriction: || (>= net462) (&& (>= netstandard2.0) (< netstandard2.1))
    Microsoft.CSharp (4.7) - restriction: || (&& (>= net462) (>= netstandard2.0)) (&& (< net8.0) (>= netstandard2.0))
    Namotion.Reflection (3.3) - restriction: >= netstandard2.0
      Microsoft.CSharp (>= 4.7) - restriction: || (>= net462) (&& (< net8.0) (>= netstandard2.0))
    Newtonsoft.Json (13.0.3) - restriction: >= netstandard2.0
    NJsonSchema (11.1) - restriction: >= netstandard2.0
      Namotion.Reflection (>= 3.2) - restriction: || (>= net462) (>= netstandard2.0)
      Newtonsoft.Json (>= 13.0.3) - restriction: || (>= net462) (>= netstandard2.0)
      NJsonSchema.Annotations (>= 11.1) - restriction: || (>= net462) (>= netstandard2.0)
      System.Text.Json (>= 8.0.5) - restriction: || (>= net462) (&& (< net6.0) (>= netstandard2.0))
    NJsonSchema.Annotations (11.1) - restriction: >= netstandard2.0
    System.Buffers (4.6.1) - restriction: || (&& (>= net462) (>= netstandard2.0)) (&& (< net6.0) (>= netstandard2.0)) (&& (< netcoreapp2.1) (>= netstandard2.0) (< netstandard2.1))
    System.IO.Pipelines (9.0.3) - restriction: || (&& (>= net462) (>= net8.0)) (&& (>= net462) (>= netstandard2.0)) (&& (< net6.0) (>= net8.0)) (&& (< net6.0) (>= netstandard2.0))
      System.Buffers (>= 4.5.1) - restriction: || (>= net462) (&& (< net8.0) (>= netstandard2.0))
      System.Memory (>= 4.5.5) - restriction: || (>= net462) (&& (< net8.0) (>= netstandard2.0))
      System.Threading.Tasks.Extensions (>= 4.5.4) - restriction: || (>= net462) (&& (< net8.0) (>= netstandard2.0))
    System.Memory (4.6.2) - restriction: || (&& (>= net462) (>= netstandard2.0)) (&& (< net6.0) (>= netstandard2.0))
      System.Buffers (>= 4.6.1) - restriction: || (>= net462) (&& (< netcoreapp2.1) (>= netstandard2.0) (< netstandard2.1))
      System.Numerics.Vectors (>= 4.6.1) - restriction: || (>= net462) (&& (< netcoreapp2.1) (>= netstandard2.0) (< netstandard2.1))
      System.Runtime.CompilerServices.Unsafe (>= 6.1.1) - restriction: || (>= net462) (&& (< netcoreapp2.1) (>= netstandard2.0) (< netstandard2.1))
    System.Numerics.Vectors (4.6.1) - restriction: || (&& (>= net462) (>= netstandard2.0)) (&& (< netcoreapp2.1) (>= netstandard2.0) (< netstandard2.1))
    System.Runtime.CompilerServices.Unsafe (6.1.1) - restriction: || (&& (>= net462) (>= netstandard2.0)) (&& (< net6.0) (>= netstandard2.0)) (&& (< netcoreapp2.1) (>= netstandard2.0) (< netstandard2.1))
    System.Text.Encodings.Web (9.0.3) - restriction: || (&& (>= net462) (>= net8.0)) (&& (>= net462) (>= netstandard2.0)) (&& (< net6.0) (>= net8.0)) (&& (< net6.0) (>= netstandard2.0))
      System.Buffers (>= 4.5.1) - restriction: || (>= net462) (&& (< net8.0) (>= netstandard2.0))
      System.Memory (>= 4.5.5) - restriction: || (>= net462) (&& (< net8.0) (>= netstandard2.0))
      System.Runtime.CompilerServices.Unsafe (>= 6.0) - restriction: || (>= net462) (&& (< net8.0) (>= netstandard2.0))
    System.Text.Json (9.0.3) - restriction: >= netstandard2.0
      Microsoft.Bcl.AsyncInterfaces (>= 9.0.3) - restriction: || (>= net462) (&& (< net8.0) (>= netstandard2.0))
      System.Buffers (>= 4.5.1) - restriction: || (>= net462) (&& (< net8.0) (>= netstandard2.0))
      System.IO.Pipelines (>= 9.0.3) - restriction: || (>= net462) (&& (>= net8.0) (< net9.0)) (&& (< net8.0) (>= netstandard2.0))
      System.Memory (>= 4.5.5) - restriction: || (>= net462) (&& (< net8.0) (>= netstandard2.0))
      System.Runtime.CompilerServices.Unsafe (>= 6.0) - restriction: || (>= net462) (&& (< net8.0) (>= netstandard2.0))
      System.Text.Encodings.Web (>= 9.0.3) - restriction: || (>= net462) (&& (>= net8.0) (< net9.0)) (&& (< net8.0) (>= netstandard2.0))
      System.Threading.Tasks.Extensions (>= 4.5.4) - restriction: || (>= net462) (&& (< net8.0) (>= netstandard2.0))
      System.ValueTuple (>= 4.5) - restriction: >= net462
    System.Threading.Tasks.Extensions (4.6.2) - restriction: || (&& (>= net462) (>= netstandard2.0)) (&& (< net6.0) (>= netstandard2.0)) (&& (>= netstandard2.0) (< netstandard2.1))
      System.Runtime.CompilerServices.Unsafe (>= 6.1.1) - restriction: || (>= net462) (&& (< netcoreapp2.1) (>= netstandard2.0) (< netstandard2.1))
    System.ValueTuple (4.6.1) - restriction: || (>= net45) (&& (>= net462) (>= netstandard2.0))
